{
	"Modality": "MR",
	"MagneticFieldStrength": 3,
	"Manufacturer": "Siemens",
	"ManufacturersModelName": "TrioTim",
	"InstitutionName": "Weizmann",
	"InstitutionalDepartmentName": "Department",
	"InstitutionAddress": "Street_StreetNo_Rehovot_E1B90C_District_IL_ZIP",
	"DeviceSerialNumber": "35149",
	"StationName": "MRC35149",
	"PatientPosition": "HFS",
	"ProcedureStepDescription": "Weizmann_Dudai",
	"SoftwareVersions": "syngo_MR_B17",
	"MRAcquisitionType": "3D",
	"SeriesDescription": "t1_mprage",
	"ProtocolName": "t1_mprage",
	"ScanningSequence": "GR_IR",
	"SequenceVariant": "SP_MP",
	"ScanOptions": "IR_PFP",
	"SequenceName": "_tfl3d1_ns",
	"ImageType": ["ORIGINAL", "PRIMARY", "M", "ND"],
	"SeriesNumber": 7,
	"AcquisitionTime": "12:25:8.335000",
	"AcquisitionNumber": 1,
	"SliceThickness": 1,
	"SAR": 0.10835,
	"EchoTime": 0.00298,
	"RepetitionTime": 2.3,
	"InversionTime": 0.9,
	"FlipAngle": 9,
	"PartialFourier": 0.875,
	"BaseResolution": 256,
	"ShimSetting": [
		2364,
		9454,
		-5378,
		736,
		73,
		-753,
		4,
		-230	],
	"TxRefAmp": 289.756,
	"PhaseResolution": 1,
	"ReceiveCoilName": "HeadMatrix",
	"PulseSequenceDetails": "%SiemensSeq%_tfl",
	"PercentPhaseFOV": 100,
	"PhaseEncodingSteps": 224,
	"AcquisitionMatrixPE": 256,
	"ReconMatrixPE": 256,
	"PixelBandwidth": 238,
	"DwellTime": 8.2e-06,
	"ImageOrientationPatientDICOM": [
		-0.052041,
		0.996444,
		0.0662665,
		0.0539523,
		0.0690648,
		-0.996152	],
	"InPlanePhaseEncodingDirectionDICOM": "ROW",
	"ConversionSoftware": "dcm2niix",
	"ConversionSoftwareVersion": "v1.0.20171215 GCC4.4.7"
}
