{
	"Modality": "MR",
	"MagneticFieldStrength": 3,
	"Manufacturer": "Siemens",
	"ManufacturersModelName": "TrioTim",
	"InstitutionName": "Weizmann",
	"InstitutionalDepartmentName": "Department",
	"InstitutionAddress": "Street_StreetNo_Rehovot_E1B90C_District_IL_ZIP",
	"DeviceSerialNumber": "35149",
	"StationName": "MRC35149",
	"PatientPosition": "HFS",
	"ProcedureStepDescription": "Weizmann_Dudai",
	"SoftwareVersions": "syngo_MR_B17",
	"MRAcquisitionType": "2D",
	"SeriesDescription": "run4_mod",
	"ProtocolName": "run4_mod",
	"ScanningSequence": "EP",
	"SequenceVariant": "SK",
	"ScanOptions": "FS",
	"SequenceName": "_epfid2d1_72",
	"ImageType": "ORIGINALPRIMARYMNDMOSAIC",
	"SeriesNumber": 6,
	"AcquisitionTime": "10:22:44.257500",
	"AcquisitionNumber": 1,
	"SliceThickness": 4,
	"SpacingBetweenSlices": 4,
	"SAR": 0.133908,
	"EchoTime": 0.03,
	"RepetitionTime": 2,
	"FlipAngle": 75,
	"PartialFourier": 1,
	"BaseResolution": 72,
	"ShimSetting": [2338,9655,-5598,888,91,-421,100,-89],
	"TxRefAmp": 281.843,
	"PhaseResolution": 1,
	"VendorReportedEchoSpacing": 0.00048,
	"ReceiveCoilName": "HeadMatrix",
	"PulseSequenceDetails": "%SiemensSeq%_ep2d_pace",
	"PercentPhaseFOV": 100,
	"PhaseEncodingSteps": 72,
	"AcquisitionMatrixPE": 72,
	"ReconMatrixPE": 72,
	"BandwidthPerPixelPhaseEncode": 28.935,
	"EffectiveEchoSpacing": 0.000480003,
	"DerivedVendorReportedEchoSpacing": 0.000480003,
	"TotalReadoutTime": 0.0340802,
	"PixelBandwidth": 2395,
	"DwellTime": 2.9e-06,
	"PhaseEncodingDirection": "j-",
	"SliceTiming": [0.9925,0,1.055,0.0625,1.1175,0.1225,1.18,0.185,1.2425,0.2475,1.3025,0.31,1.365,0.3725,1.4275,0.435,1.49,0.4975,1.5525,0.5575,1.615,0.62,1.6775,0.6825,1.7375,0.745,1.8,0.8075,1.8625,0.87,1.925,0.93],
	"ImageOrientationPatientDICOM": [0.999376,0.00960967,-0.03399,-0.0216344,0.927193,-0.373959],
	"InPlanePhaseEncodingDirectionDICOM": "COL",
	"ConversionSoftware": "dcm2niix",
	"ConversionSoftwareVersion": "v1.0.20171215 GCC4.4.7",
	"TaskName": "viewclips"
}
