{
	"Modality": "MR",
	"MagneticFieldStrength": 3,
	"Manufacturer": "Siemens",
	"ManufacturersModelName": "TrioTim",
	"InstitutionName": "Weizmann",
	"InstitutionalDepartmentName": "Department",
	"InstitutionAddress": "Street_StreetNo_Rehovot_E1B90C_District_IL_ZIP",
	"DeviceSerialNumber": "35149",
	"StationName": "MRC35149",
	"PatientPosition": "HFS",
	"ProcedureStepDescription": "Weizmann_Dudai",
	"SoftwareVersions": "syngo_MR_B17",
	"MRAcquisitionType": "3D",
	"SeriesDescription": "t1_mprage",
	"ProtocolName": "t1_mprage",
	"ScanningSequence": "GR_IR",
	"SequenceVariant": "SP_MP",
	"ScanOptions": "IR_PFP",
	"SequenceName": "_tfl3d1_ns",
	"ImageType": ["ORIGINAL", "PRIMARY", "M", "ND"],
	"SeriesNumber": 11,
	"AcquisitionTime": "14:50:13.670000",
	"AcquisitionNumber": 1,
	"SliceThickness": 1,
	"SAR": 0.102446,
	"EchoTime": 0.00298,
	"RepetitionTime": 2.3,
	"InversionTime": 0.9,
	"FlipAngle": 9,
	"PartialFourier": 0.875,
	"BaseResolution": 256,
	"ShimSetting": [
		2321,
		9411,
		-5437,
		1005,
		-5,
		-949,
		-39,
		-166	],
	"TxRefAmp": 300.869,
	"PhaseResolution": 1,
	"ReceiveCoilName": "HeadMatrix",
	"PulseSequenceDetails": "%SiemensSeq%_tfl",
	"PercentPhaseFOV": 100,
	"PhaseEncodingSteps": 224,
	"AcquisitionMatrixPE": 256,
	"ReconMatrixPE": 256,
	"PixelBandwidth": 238,
	"DwellTime": 8.2e-06,
	"ImageOrientationPatientDICOM": [
		-0.0645817,
		0.997685,
		-0.0213115,
		0.0214866,
		-0.0199609,
		-0.99957	],
	"InPlanePhaseEncodingDirectionDICOM": "ROW",
	"ConversionSoftware": "dcm2niix",
	"ConversionSoftwareVersion": "v1.0.20171215 GCC4.4.7"
}
