{
	"Modality": "MR",
	"MagneticFieldStrength": 3,
	"Manufacturer": "Siemens",
	"ManufacturersModelName": "TrioTim",
	"InstitutionName": "Weizmann",
	"InstitutionalDepartmentName": "Department",
	"InstitutionAddress": "Street_StreetNo_Rehovot_90B50C_District_IL_ZIP",
	"DeviceSerialNumber": "35149",
	"StationName": "MRC35149",
	"PatientPosition": "HFS",
	"ProcedureStepDescription": "Weizmann_Dudai",
	"SoftwareVersions": "syngo_MR_B17",
	"MRAcquisitionType": "2D",
	"SeriesDescription": "run2_mod",
	"ProtocolName": "run2_mod",
	"ScanningSequence": "EP",
	"SequenceVariant": "SK",
	"ScanOptions": "FS",
	"SequenceName": "_epfid2d1_72",
	"ImageType": "ORIGINALPRIMARYMNDMOSAIC",
	"SeriesNumber": 4,
	"AcquisitionTime": "15:03:50.617500",
	"AcquisitionNumber": 1,
	"SliceThickness": 4,
	"SpacingBetweenSlices": 4,
	"SAR": 0.10208,
	"EchoTime": 0.03,
	"RepetitionTime": 2,
	"FlipAngle": 75,
	"PartialFourier": 1,
	"BaseResolution": 72,
	"ShimSetting": [2331,9560,-5360,802,13,-758,-108,-64],
	"TxRefAmp": 286.476,
	"PhaseResolution": 1,
	"VendorReportedEchoSpacing": 0.00048,
	"ReceiveCoilName": "HeadMatrix",
	"PulseSequenceDetails": "%SiemensSeq%_ep2d_pace",
	"PercentPhaseFOV": 100,
	"PhaseEncodingSteps": 72,
	"AcquisitionMatrixPE": 72,
	"ReconMatrixPE": 72,
	"BandwidthPerPixelPhaseEncode": 28.935,
	"EffectiveEchoSpacing": 0.000480003,
	"DerivedVendorReportedEchoSpacing": 0.000480003,
	"TotalReadoutTime": 0.0340802,
	"PixelBandwidth": 2395,
	"DwellTime": 2.9e-06,
	"PhaseEncodingDirection": "j-",
	"SliceTiming": [0.995,0,1.0575,0.0625,1.1175,0.125,1.18,0.1875,1.2425,0.25,1.305,0.31,1.3675,0.3725,1.43,0.435,1.4925,0.4975,1.5525,0.56,1.615,0.6225,1.6775,0.685,1.74,0.745,1.8025,0.8075,1.865,0.87,1.925,0.9325],
	"ImageOrientationPatientDICOM": [0.998271,0.0330149,-0.048626,-0.0531688,0.859887,-0.507708],
	"InPlanePhaseEncodingDirectionDICOM": "COL",
	"ConversionSoftware": "dcm2niix",
	"ConversionSoftwareVersion": "v1.0.20171215 GCC4.4.7",
	"TaskName": "viewclips"
}
