{
	"Modality": "MR",
	"MagneticFieldStrength": 3,
	"Manufacturer": "Siemens",
	"ManufacturersModelName": "TrioTim",
	"InstitutionName": "Weizmann",
	"InstitutionalDepartmentName": "Department",
	"InstitutionAddress": "Street_StreetNo_Rehovot_E1B90C_District_IL_ZIP",
	"DeviceSerialNumber": "35149",
	"StationName": "MRC35149",
	"PatientPosition": "HFS",
	"ProcedureStepDescription": "Weizmann_Dudai",
	"SoftwareVersions": "syngo_MR_B17",
	"MRAcquisitionType": "2D",
	"SeriesDescription": "run3_mod",
	"ProtocolName": "run3_mod",
	"ScanningSequence": "EP",
	"SequenceVariant": "SK",
	"ScanOptions": "FS",
	"SequenceName": "_epfid2d1_72",
	"ImageType": "ORIGINALPRIMARYMNDMOSAIC",
	"SeriesNumber": 5,
	"AcquisitionTime": "09:59:22.655000",
	"AcquisitionNumber": 1,
	"SliceThickness": 4,
	"SpacingBetweenSlices": 4,
	"SAR": 0.152599,
	"EchoTime": 0.03,
	"RepetitionTime": 2,
	"FlipAngle": 75,
	"PartialFourier": 1,
	"BaseResolution": 72,
	"ShimSetting": [2371,9439,-5416,526,17,-570,221,-30],
	"TxRefAmp": 391.878,
	"PhaseResolution": 1,
	"VendorReportedEchoSpacing": 0.00048,
	"ReceiveCoilName": "HeadMatrix",
	"PulseSequenceDetails": "%SiemensSeq%_ep2d_pace",
	"PercentPhaseFOV": 100,
	"PhaseEncodingSteps": 72,
	"AcquisitionMatrixPE": 72,
	"ReconMatrixPE": 72,
	"BandwidthPerPixelPhaseEncode": 28.935,
	"EffectiveEchoSpacing": 0.000480003,
	"DerivedVendorReportedEchoSpacing": 0.000480003,
	"TotalReadoutTime": 0.0340802,
	"PixelBandwidth": 2395,
	"DwellTime": 2.9e-06,
	"PhaseEncodingDirection": "j-",
	"SliceTiming": [0.995,0,1.0575,0.0625,1.12,0.125,1.18,0.1875,1.2425,0.25,1.305,0.3125,1.3675,0.3725,1.43,0.435,1.4925,0.4975,1.555,0.56,1.615,0.6225,1.6775,0.685,1.74,0.7475,1.8025,0.8075,1.865,0.87,1.9275,0.9325],
	"ImageOrientationPatientDICOM": [0.999092,7.85825e-07,0.0425937,0.0183741,0.902162,-0.431006],
	"InPlanePhaseEncodingDirectionDICOM": "COL",
	"ConversionSoftware": "dcm2niix",
	"ConversionSoftwareVersion": "v1.0.20171215 GCC4.4.7",
	"TaskName": "viewclips"
}
